GIT
  remote: git@github.com:intridea/grape.git
  revision: 31e25ee65fa1df861ea43eae2357cf88f2880ea4
  specs:
    grape (0.7.1)
      activesupport
      builder
      hashie (>= 2.1.0)

GEM
  remote: https://rubygems.org/
  specs:
    activesupport (4.1.1)
      i18n (~> 0.6, >= 0.6.9)
      json (~> 1.7, >= 1.7.7)
    builder (3.2.2)
    celluloid (0.15.2)
      timers (~> 1.1.0)
    grape-entity (0.4.2)
      activesupport
      multi_json (>= 1.3.2)
    hashie (2.1.1)
    puma (2.8.2)
      rack (>= 1.1, < 2.0)
    puma (2.8.2-java)
      rack (>= 1.1, < 2.0)

PLATFORMS
  java
  ruby

DEPENDENCIES
  pry
  puma

